GEM
  remote: https://rubygems.org/
  specs:
    ae (1.8.2)
      ansi
    ansi (1.4.3)
    brass (1.2.1)
    coderay (1.1.0)
    diff-lcs (1.2.5)
    facets (2.9.3)
    forwarder2 (0.2.0)
    method_source (0.8.2)
    pry (0.9.12.6)
      coderay (~> 1.0)
      method_source (~> 0.8)
      slop (~> 3.4)
    qed (2.9.1)
      ansi
      brass
      facets (>= 2.8)
    rdiscount (2.1.7)
    rspec (2.14.1)
      rspec-core (~> 2.14.0)
      rspec-expectations (~> 2.14.0)
      rspec-mocks (~> 2.14.0)
    rspec-core (2.14.7)
    rspec-expectations (2.14.5)
      diff-lcs (>= 1.1.3, < 2.0)
    rspec-mocks (2.14.5)
    slop (3.4.7)
    spoon (0.0.4)
      ffi

PLATFORMS
  ruby

DEPENDENCIES
  ae
  forwarder2
  pry
  qed
  rdiscount
  rspec
