PATH
  remote: .
  specs:
    lab42_core (0.5.1)
      forwarder2 (~> 0.2)

GEM
  remote: https://rubygems.org/
  specs:
    ae (1.8.2)
      ansi
    ansi (1.5.0)
    brass (1.2.1)
    codeclimate-test-reporter (1.0.5)
      simplecov
    coderay (1.1.1)
    diff-lcs (1.4.4)
    docile (1.1.5)
    forwarder2 (0.2.0)
    json (2.3.1)
    method_source (0.8.2)
    pry (0.10.4)
      coderay (~> 1.1.0)
      method_source (~> 0.8.1)
      slop (~> 3.4)
    pry-nav (0.2.4)
      pry (>= 0.9.10, < 0.11.0)
    qed (2.9.2)
      ansi
      brass
    rspec (3.10.0)
      rspec-core (~> 3.10.0)
      rspec-expectations (~> 3.10.0)
      rspec-mocks (~> 3.10.0)
    rspec-core (3.10.0)
      rspec-support (~> 3.10.0)
    rspec-expectations (3.10.0)
      diff-lcs (>= 1.2.0, < 2.0)
      rspec-support (~> 3.10.0)
    rspec-mocks (3.10.0)
      diff-lcs (>= 1.2.0, < 2.0)
      rspec-support (~> 3.10.0)
    rspec-support (3.10.0)
    simplecov (0.13.0)
      docile (~> 1.1.0)
      json (>= 1.8, < 3)
      simplecov-html (~> 0.10.0)
    simplecov-html (0.10.0)
    slop (3.6.0)
    speculate_about (0.2.1)
      rspec (~> 3.9)
    travis-lint (2.0.0)
      json

PLATFORMS
  ruby

DEPENDENCIES
  ae (~> 1.8)
  codeclimate-test-reporter (~> 1.0.0)
  lab42_core!
  pry (~> 0.10)
  pry-nav (~> 0.2)
  qed (~> 2.9)
  rspec (~> 3.5)
  simplecov
  speculate_about (~> 0.2.1)
  travis-lint (~> 2.0)

BUNDLED WITH
   2.1.4
